GEM
  remote: https://rubygems.org/
  specs:
    awesome_print (1.9.2)
    minitest (5.25.1)
    minitest-focus (1.4.0)
      minitest (>= 4, < 6)
    puts_debuggerer (1.0.1)
      awesome_print (~> 1.9.2)
    rake (13.2.1)

PLATFORMS
  arm64-darwin-21
  x86_64-linux

DEPENDENCIES
  minitest
  minitest-focus
  puts_debuggerer
  rake

BUNDLED WITH
   2.4.22
